GEM
  remote: https://rubygems.org/
  specs:
    activesupport (5.1.4)
      concurrent-ruby (~> 1.0, >= 1.0.2)
      i18n (~> 0.7)
      minitest (~> 5.1)
      tzinfo (~> 1.1)
    byebug (9.1.0)
    concurrent-ruby (1.0.5)
    ejson (1.1.0)
    httparty (0.15.6)
      multi_xml (>= 0.5.2)
    i18n (0.9.1)
      concurrent-ruby (~> 1.0)
    json (2.1.0)
    lastfm (1.27.2)
      activesupport (>= 3.2.0)
      httparty
      xml-simple
    minitest (5.10.3)
    multi_xml (0.6.0)
    rake (12.3.0)
    recursive-open-struct (1.0.5)
    sequel (5.2.0)
    sqlite3 (1.3.13)
    thread_safe (0.3.6)
    tzinfo (1.2.4)
      thread_safe (~> 0.1)
    xml-simple (1.1.5)

PLATFORMS
  ruby

DEPENDENCIES
  byebug
  ejson
  httparty
  json
  lastfm
  rake
  recursive-open-struct
  sequel
  sqlite3

BUNDLED WITH
   1.16.0
