GIT
  remote: https://github.com/Shopify/capistrano-ejson
  revision: 544f3cc0d636586e4b789a4a489f120af765030f
  ref: 544f3cc0d636586e4b789a4a489f120af765030f
  specs:
    capistrano-ejson (1.0.1)
      capistrano (~> 3.1)
      ejson (~> 1.0, >= 1.0.0)

GEM
  remote: https://rubygems.org/
  specs:
    activesupport (5.1.4)
      concurrent-ruby (~> 1.0, >= 1.0.2)
      i18n (~> 0.7)
      minitest (~> 5.1)
      tzinfo (~> 1.1)
    airbrussh (1.3.0)
      sshkit (>= 1.6.1, != 1.7.0)
    byebug (9.1.0)
    capistrano (3.10.0)
      airbrussh (>= 1.0.0)
      i18n
      rake (>= 10.0.0)
      sshkit (>= 1.9.0)
    capistrano-bundler (1.3.0)
      capistrano (~> 3.1)
      sshkit (~> 1.2)
    capistrano-rails (1.3.0)
      capistrano (~> 3.1)
      capistrano-bundler (~> 1.1)
    capistrano-rbenv (2.1.3)
      capistrano (~> 3.1)
      sshkit (~> 1.3)
    chronic (0.10.2)
    concurrent-ruby (1.0.5)
    ejson (1.1.0)
    httparty (0.15.6)
      multi_xml (>= 0.5.2)
    i18n (0.9.1)
      concurrent-ruby (~> 1.0)
    json (2.1.0)
    lastfm (1.27.2)
      activesupport (>= 3.2.0)
      httparty
      xml-simple
    minitest (5.10.3)
    multi_xml (0.6.0)
    net-scp (1.2.1)
      net-ssh (>= 2.6.5)
    net-ssh (4.2.0)
    rake (12.3.0)
    recursive-open-struct (1.0.5)
    sequel (5.2.0)
    sqlite3 (1.3.13)
    sshkit (1.15.0)
      net-scp (>= 1.1.2)
      net-ssh (>= 2.8.0)
    thread_safe (0.3.6)
    tzinfo (1.2.4)
      thread_safe (~> 0.1)
    whenever (0.9.7)
      chronic (>= 0.6.3)
    xml-simple (1.1.5)

PLATFORMS
  ruby

DEPENDENCIES
  byebug
  capistrano (~> 3.10)
  capistrano-bundler
  capistrano-ejson!
  capistrano-rails
  capistrano-rbenv
  ejson
  httparty
  json
  lastfm
  rake
  recursive-open-struct
  sequel
  sqlite3
  whenever

BUNDLED WITH
   1.16.0
